PATH
  remote: .
  specs:
    kucodiff (0.1.1)

GEM
  remote: https://rubygems.org/
  specs:
    bump (0.5.3)
    diff-lcs (1.3)
    rake (12.0.0)
    rspec (3.5.0)
      rspec-core (~> 3.5.0)
      rspec-expectations (~> 3.5.0)
      rspec-mocks (~> 3.5.0)
    rspec-core (3.5.4)
      rspec-support (~> 3.5.0)
    rspec-expectations (3.5.0)
      diff-lcs (>= 1.2.0, < 2.0)
      rspec-support (~> 3.5.0)
    rspec-mocks (3.5.0)
      diff-lcs (>= 1.2.0, < 2.0)
      rspec-support (~> 3.5.0)
    rspec-support (3.5.0)
    single_cov (0.6.1)

PLATFORMS
  ruby

DEPENDENCIES
  bump
  kucodiff!
  rake
  rspec
  single_cov
