PATH
  remote: .
  specs:
    kucodiff (0.6.1)

GEM
  remote: https://rubygems.org/
  specs:
    bump (0.9.0)
    diff-lcs (1.4.3)
    rake (13.0.1)
    rspec (3.9.0)
      rspec-core (~> 3.9.0)
      rspec-expectations (~> 3.9.0)
      rspec-mocks (~> 3.9.0)
    rspec-core (3.9.2)
      rspec-support (~> 3.9.3)
    rspec-expectations (3.9.2)
      diff-lcs (>= 1.2.0, < 2.0)
      rspec-support (~> 3.9.0)
    rspec-mocks (3.9.1)
      diff-lcs (>= 1.2.0, < 2.0)
      rspec-support (~> 3.9.0)
    rspec-support (3.9.3)
    single_cov (1.3.2)

PLATFORMS
  ruby

DEPENDENCIES
  bump
  kucodiff!
  rake
  rspec
  single_cov

BUNDLED WITH
   2.1.4
